GIT
  remote: git@github.com:trivektor/fontawesome.git
  revision: 293297fb124165df1ef4b3ce3f5c965256a52a1c
  specs:
    motion-fontawesome (0.0.2)
      rake

GEM
  remote: https://rubygems.org/
  remote: https://rubygems.org/
  specs:
    activesupport (3.2.18)
      i18n (~> 0.6, >= 0.6.4)
      multi_json (~> 1.0)
    afmotion (2.1.0)
      motion-cocoapods (~> 1.4.0)
      motion-require (~> 0.0.7)
    bubble-wrap (1.4.0)
    builder (3.2.2)
    cdq (0.1.7)
      motion-yaml
      ruby-xcdm (~> 0.0, >= 0.0.6)
    claide (0.6.1)
    cocoapods (0.33.1)
      activesupport (>= 3.2.15, < 4)
      claide (~> 0.6.1)
      cocoapods-core (= 0.33.1)
      cocoapods-downloader (~> 0.6.1)
      cocoapods-plugins (~> 0.2.0)
      cocoapods-trunk (~> 0.1.1)
      cocoapods-try (~> 0.3.0)
      colored (~> 1.2)
      escape (~> 0.0.4)
      json_pure (~> 1.8)
      nap (~> 0.7)
      open4 (~> 1.3)
      xcodeproj (~> 0.17.0)
    cocoapods-core (0.33.1)
      activesupport (>= 3.2.15)
      fuzzy_match (~> 2.0.4)
      json_pure (~> 1.8)
      nap (~> 0.5)
    cocoapods-downloader (0.6.1)
    cocoapods-plugins (0.2.0)
      nap
    cocoapods-trunk (0.1.3)
      json_pure (~> 1.8)
      nap (>= 0.6)
      netrc
    cocoapods-try (0.3.0)
    colored (1.2)
    escape (0.0.4)
    formotion (1.7)
      bubble-wrap (~> 1.4.0)
      motion-require (~> 0.0.3)
    fuzzy_match (2.0.4)
    i18n (0.6.9)
    json_pure (1.8.1)
    motion-cocoapods (1.4.2)
      cocoapods (>= 0.32.1)
    motion-firebase (2.0.1)
    motion-require (0.0.7)
    motion-yaml (1.2)
    multi_json (1.10.1)
    nap (0.8.0)
    netrc (0.7.7)
    open4 (1.3.4)
    plist (3.1.0)
    rake (10.3.2)
    ruby-xcdm (0.0.7)
      activesupport (~> 3.2)
      builder (~> 3.2)
      plist (~> 3.1)
    sugarcube (1.5.0)
    xcodeproj (0.17.0)
      activesupport (~> 3.0)
      colored (~> 1.2)

PLATFORMS
  ruby

DEPENDENCIES
  afmotion
  bubble-wrap
  cdq
  formotion (~> 1.7)
  motion-cocoapods
  motion-firebase
  motion-fontawesome!
  rake
  ruby-xcdm
  sugarcube
